GEM
  remote: https://rubygems.org/
  specs:
    fuzzy_match (2.1.0)

PLATFORMS
  ruby

DEPENDENCIES
  fuzzy_match
