PATH
  remote: .
  specs:
    frubby (0.1)
      fuzzy_match

GEM
  remote: https://rubygems.org/
  specs:
    fuzzy_match (2.1.0)

PLATFORMS
  ruby

DEPENDENCIES
  frubby!
