PATH
  remote: .
  specs:
    frubby (0.3)
      fuzzy_match

GEM
  remote: https://rubygems.org/
  specs:
    fuzzy_match (2.1.0)
    minitest (5.5.1)
    rake (12.3.3)

PLATFORMS
  ruby

DEPENDENCIES
  frubby!
  minitest
  rake
