PATH
  remote: .
  specs:
    frubby (0.1)
      fuzzy_match

GEM
  remote: https://rubygems.org/
  specs:
    fuzzy_match (2.1.0)
    minitest (5.5.0)
    rake (10.4.2)

PLATFORMS
  ruby

DEPENDENCIES
  frubby!
  minitest
  rake
